PATH
  remote: .
  specs:
    gem-silencer (0.3.0)
      warning (~> 1.0)
      yaml (~> 0.1)

GEM
  remote: https://rubygems.org/
  specs:
    diff-lcs (1.5.1)
    rake (13.2.1)
    rspec (3.13.0)
      rspec-core (~> 3.13.0)
      rspec-expectations (~> 3.13.0)
      rspec-mocks (~> 3.13.0)
    rspec-core (3.13.3)
      rspec-support (~> 3.13.0)
    rspec-expectations (3.13.3)
      diff-lcs (>= 1.2.0, < 2.0)
      rspec-support (~> 3.13.0)
    rspec-mocks (3.13.2)
      diff-lcs (>= 1.2.0, < 2.0)
      rspec-support (~> 3.13.0)
    rspec-support (3.13.2)
    warning (1.5.0)
    yaml (0.4.0)

PLATFORMS
  ruby
  x86_64-darwin-24

DEPENDENCIES
  gem-silencer!
  rake (~> 13.0)
  rspec (~> 3.0)

BUNDLED WITH
   2.6.2
